GEM
  remote: http://rubygems.org/
  specs:
    espeak-ruby (0.4.0)
    festivaltts4r (0.2.0)
      hoe (>= 1.3.0)
    hoe (3.4.0)
      rake (>= 0.8, < 11.0)
    rake (10.0.3)

PLATFORMS
  ruby

DEPENDENCIES
  espeak-ruby
  festivaltts4r
